GEM
  remote: https://rubygems.org/
  specs:
    addressable (2.6.0)
      public_suffix (>= 2.0.2, < 4.0)
    chronic (0.10.2)
    launchy (2.4.3)
      addressable (~> 2.3)
    public_suffix (3.1.1)

PLATFORMS
  ruby

DEPENDENCIES
  chronic
  launchy

RUBY VERSION
   ruby 2.6.1p33

BUNDLED WITH
   2.0.1
