GEM
  remote: https://rubygems.org/
  specs:
    addressable (2.8.1)
      public_suffix (>= 2.0.2, < 6.0)
    launchy (2.4.3)
      addressable (~> 2.3)
    public_suffix (5.0.0)

PLATFORMS
  ruby

DEPENDENCIES
  launchy

RUBY VERSION
   ruby 2.6.1p33

BUNDLED WITH
   2.0.1
